GIT
  remote: git://github.com/alexch/rerun.git
  revision: cabbe3be84bdbe375c49324fcb220109cf9cd38e
  specs:
    rerun (0.8.2)
      listen (~> 1.0.3)

GIT
  remote: git://github.com/nathanaeljones/hardwired.git
  revision: 124b23e5dd3adb35d3c496e38bea376c229e1afb
  specs:
    hardwired (0.3.2)
      nokogiri
      sinatra (>= 1.3.3)
      tilt

GIT
  remote: git://github.com/populr/less.rb.git
  revision: 2e451e3d96eaf1361fd8f47ffe2adf67443debc8
  branch: v2.2.2-less1.3.3
  submodules: true
  specs:
    less (2.2.2)
      commonjs (~> 0.2.6)

GIT
  remote: git://github.com/slim-template/slim.git
  revision: 8a111a21741d7e80fbc45c951858f5663543ae3f
  specs:
    slim (2.0.2)
      temple (~> 0.6.6)
      tilt (>= 1.3.3, < 2.1)

GEM
  remote: http://rubygems.org/
  specs:
    columnize (0.3.6)
    commonjs (0.2.7)
    daemons (1.1.9)
    debugger (1.6.2)
      columnize (>= 0.3.1)
      debugger-linecache (~> 1.2.0)
      debugger-ruby_core_source (~> 1.2.3)
    debugger-linecache (1.2.0)
    debugger-ruby_core_source (1.2.3)
    erubis (2.7.0)
    eventmachine (1.0.3)
    faraday (0.8.8)
      multipart-post (~> 1.2.0)
    ffi (1.9.3)
    honeybadger (1.9.4)
      faraday (~> 0.7)
      json
    json (1.8.1)
    kramdown (1.2.0)
    libv8 (3.16.14.3)
    listen (1.0.3)
      rb-fsevent (>= 0.9.3)
      rb-inotify (>= 0.9)
      rb-kqueue (>= 0.2)
    mini_portile (0.5.2)
    multipart-post (1.2.0)
    nokogiri (1.6.0)
      mini_portile (~> 0.5.0)
    rack (1.5.2)
    rack-cache (1.2)
      rack (>= 0.4)
    rack-protection (1.5.1)
      rack
    rack-test (0.6.2)
      rack (>= 1.0)
    rb-fsevent (0.9.3)
    rb-inotify (0.9.2)
      ffi (>= 0.5.0)
    rb-kqueue (0.2.0)
      ffi (>= 0.5.0)
    ref (1.0.5)
    sass (3.2.12)
    shotgun (0.9)
      rack (>= 1.0)
    sinatra (1.4.4)
      rack (~> 1.4)
      rack-protection (~> 1.4)
      tilt (~> 1.3, >= 1.3.4)
    temple (0.6.7)
    therubyracer (0.12.0)
      libv8 (~> 3.16.14.0)
      ref
    thin (1.6.1)
      daemons (>= 1.0.9)
      eventmachine (>= 1.0.0)
      rack (>= 1.0.0)
    tilt (1.4.1)
    yui-compressor (0.12.0)

PLATFORMS
  ruby

DEPENDENCIES
  debugger
  erubis
  hardwired!
  honeybadger
  kramdown
  less!
  rack-cache
  rack-test
  rb-fsevent
  rerun!
  sass
  shotgun
  slim!
  therubyracer
  thin
  yui-compressor
